GEM
  remote: https://rubygems.org/
  specs:
    gosu (0.10.8)
    mathn (0.1.0)

PLATFORMS
  ruby

DEPENDENCIES
  gosu (~> 0.10.8)
  mathn (~> 0.1.0)

BUNDLED WITH
   2.0.2
