GEM
  remote: https://rubygems.org/
  specs:
    gosu (1.2.0)

PLATFORMS
  ruby

DEPENDENCIES
  gosu (~> 1.2)

BUNDLED WITH
   2.2.15
